GEM
  remote: https://rubygems.org/
  specs:
    coderay (1.1.3)
    diff-lcs (1.4.4)
    io-console (0.5.7)
    irb (1.3.2)
      reline (>= 0.1.5)
    json (2.5.1)
    method_source (1.0.0)
    power_assert (1.2.0)
    pry (0.13.1)
      coderay (~> 1.1)
      method_source (~> 1.0)
    reline (0.2.2)
      io-console (~> 0.5)
    rspec (3.10.0)
      rspec-core (~> 3.10.0)
      rspec-expectations (~> 3.10.0)
      rspec-mocks (~> 3.10.0)
    rspec-core (3.10.1)
      rspec-support (~> 3.10.0)
    rspec-expectations (3.10.1)
      diff-lcs (>= 1.2.0, < 2.0)
      rspec-support (~> 3.10.0)
    rspec-mocks (3.10.1)
      diff-lcs (>= 1.2.0, < 2.0)
      rspec-support (~> 3.10.0)
    rspec-support (3.10.1)
    test-unit (3.3.9)
      power_assert

PLATFORMS
  x86_64-darwin-19

DEPENDENCIES
  irb
  json
  pry
  rspec (~> 3.10)
  test-unit

BUNDLED WITH
   2.2.5
