GEM
  remote: https://rubygems.org/
  specs:
    coderay (1.1.3)
    irb (1.0.0)
    json (2.5.1)
    method_source (1.0.0)
    power_assert (1.1.3)
    pry (0.13.1)
      coderay (~> 1.1)
      method_source (~> 1.0)
    test-unit (3.3.0)
      power_assert

PLATFORMS
  ruby
  x64-mingw32

DEPENDENCIES
  irb
  json
  pry
  test-unit

BUNDLED WITH
   2.2.4
